GEM
  remote: http://rubygems.org/
  specs:
    macaddr (1.6.1)
      systemu (~> 2.5.0)
    systemu (2.5.2)
    thor (0.16.0)
    uuid (2.3.6)
      macaddr (~> 1.0)

PLATFORMS
  ruby

DEPENDENCIES
  thor
  uuid
